GEM
  specs:
    byebug (11.1.3)
    front_matter_parser (1.0.1)

PLATFORMS
  arm64-darwin-22

DEPENDENCIES
  byebug
  front_matter_parser

BUNDLED WITH
   2.4.10
