GEM
  remote: https://rubygems.org/
  specs:
    tilt (2.6.0)

PLATFORMS
  arm64-darwin-24
  ruby

DEPENDENCIES
  tilt

BUNDLED WITH
   2.5.16
